GIT
  remote: https://github.com/taw/z3.git
  revision: 74302129029aadcd7c493a3577a3af3427334667
  ref: 74302129029aadcd7c493a3577a3af3427334667
  specs:
    z3 (0.0.20181229)
      ffi (~> 1.9)

GEM
  remote: https://rubygems.org/
  specs:
    algorithms (1.0.0)
    byebug (11.1.3)
    clipboard (1.3.6)
    colorize (0.8.1)
    dotenv (2.7.6)
    faraday (0.17.3)
      multipart-post (>= 1.2, < 3)
    ffi (1.15.4)
    filigree (0.4.1)
    generator (0.0.1)
    lazy_priority_queue (0.1.1)
    multipart-post (2.1.1)
    rgl (0.5.7)
      lazy_priority_queue (~> 0.1.0)
      stream (~> 0.5.3)
    rltk (3.0.1)
      ffi (>= 1.0.0)
      filigree (>= 0.2.0)
    stream (0.5.3)
      generator

PLATFORMS
  ruby

DEPENDENCIES
  algorithms
  byebug
  clipboard
  colorize
  dotenv
  faraday
  rgl
  rltk
  z3!

BUNDLED WITH
   2.2.32
